GIT
  remote: git://github.com/ctran/annotate_models.git
  revision: 9634ea6e67851d4a9a4d0b89597a6a9d3fc4d1f4
  specs:
    annotate (2.6.5)
      activerecord (>= 2.3.0)
      rake (>= 0.8.7)

PATH
  remote: .
  specs:
    mokio (0.0.10)
      acts_as_list (~> 0.4, >= 0.4.0)
      amoeba (~> 2.0, >= 2.0.0)
      ancestry (~> 2.1, >= 2.1.0)
      bootstrap-switch-rails (= 2.0.0)
      bootstrap-wysihtml5-rails (~> 0.3, >= 0.3.1.23)
      cancancan (~> 1.7)
      carrierwave (~> 0.10, >= 0.10.0)
      ckeditor (~> 4.0, >= 4.0.8)
      coffee-rails (~> 4.0, >= 4.0.0)
      deface (~> 1.0, >= 1.0.0)
      devise (~> 3.2, >= 3.2.4)
      disqus (~> 1.0, >= 1.0.4)
      fancybox2-rails (~> 0.2, >= 0.2.8)
      faraday (~> 0.7, >= 0.7.6)
      friendly_id (~> 5.0, >= 5.0.3)
      haml-rails (~> 0.5, >= 0.5.3)
      jquery-datatables-rails (~> 1.12, >= 1.12.2)
      jquery-fileupload-rails (~> 0.4, >= 0.4.1)
      jquery-rails (~> 3.1, >= 3.1.0)
      jquery-ui-rails (~> 4.2, >= 4.2.1)
      mini_magick (~> 3.7, >= 3.7.0)
      rails (~> 4.0, >= 4.0.3, <= 4.1.1)
      rake (~> 10.3, >= 10.3.1)
      rmagick (~> 2.13, >= 2.13.2)
      role_model (~> 0.8, >= 0.8.1)
      sass-rails (~> 4.0, >= 4.0.2)
      simple_form (= 3.0.2)
      slim-rails (~> 2.1, >= 2.1.5)
      sunspot_rails (~> 2.1, >= 2.1.0)
      uglifier (~> 1.3, >= 1.3.0)
      validates (~> 0.0, >= 0.0.8)
      video_info (~> 2.3, >= 2.3.1)
      will_paginate (~> 3.0, >= 3.0.5)
      youtube_it (~> 2.1, >= 2.1.4)

GEM
  remote: https://rubygems.org/
  specs:
    actionmailer (4.1.1)
      actionpack (= 4.1.1)
      actionview (= 4.1.1)
      mail (~> 2.5.4)
    actionpack (4.1.1)
      actionview (= 4.1.1)
      activesupport (= 4.1.1)
      rack (~> 1.5.2)
      rack-test (~> 0.6.2)
    actionview (4.1.1)
      activesupport (= 4.1.1)
      builder (~> 3.1)
      erubis (~> 2.7.0)
    activemodel (4.1.1)
      activesupport (= 4.1.1)
      builder (~> 3.1)
    activerecord (4.1.1)
      activemodel (= 4.1.1)
      activesupport (= 4.1.1)
      arel (~> 5.0.0)
    activerecord-import (0.5.0)
      activerecord (>= 3.0)
    activesupport (4.1.1)
      i18n (~> 0.6, >= 0.6.9)
      json (~> 1.7, >= 1.7.7)
      minitest (~> 5.1)
      thread_safe (~> 0.1)
      tzinfo (~> 1.1)
    acts_as_list (0.4.0)
      activerecord (>= 3.0)
    addressable (2.3.6)
    amoeba (2.1.0)
      activerecord (>= 3.2.6, < 5)
    ancestry (2.1.0)
      activerecord (>= 3.0.0)
    arel (5.0.1.20140414130214)
    bcrypt (3.1.9)
    better_errors (1.1.0)
      coderay (>= 1.0.0)
      erubis (>= 2.6.6)
    binding_of_caller (0.7.2)
      debug_inspector (>= 0.0.1)
    bootstrap-switch-rails (2.0.0)
    bootstrap-wysihtml5-rails (0.3.3.1)
      railties (>= 3.0)
    builder (3.2.2)
    callsite (0.0.11)
    cancancan (1.9.2)
    capybara (2.3.0)
      mime-types (>= 1.16)
      nokogiri (>= 1.3.3)
      rack (>= 1.0.0)
      rack-test (>= 0.5.4)
      xpath (~> 2.0)
    carrierwave (0.10.0)
      activemodel (>= 3.2.0)
      activesupport (>= 3.2.0)
      json (>= 1.7)
      mime-types (>= 1.16)
    childprocess (0.5.3)
      ffi (~> 1.0, >= 1.0.11)
    ckeditor (4.1.0)
      mime-types
      orm_adapter (~> 0.5.0)
    coderay (1.1.0)
    coffee-rails (4.1.0)
      coffee-script (>= 2.2.0)
      railties (>= 4.0.0, < 5.0)
    coffee-script (2.3.0)
      coffee-script-source
      execjs
    coffee-script-source (1.8.0)
    colorize (0.7.3)
    debug_inspector (0.0.2)
    deface (1.0.0)
      colorize (>= 0.5.8)
      nokogiri (~> 1.6.0)
      rails (>= 3.1)
    devise (3.4.0)
      bcrypt (~> 3.0)
      orm_adapter (~> 0.1)
      railties (>= 3.2.6, < 5)
      responders
      thread_safe (~> 0.1)
      warden (~> 1.2.3)
    diff-lcs (1.2.5)
    disqus (1.0.4)
      json
    docile (1.1.5)
    erubis (2.7.0)
    excon (0.40.0)
    execjs (2.2.2)
    factory_girl (4.4.0)
      activesupport (>= 3.0.0)
    factory_girl_rails (4.4.1)
      factory_girl (~> 4.4.0)
      railties (>= 3.0.0)
    faker (1.3.0)
      i18n (~> 0.5)
    fancybox2-rails (0.2.8)
      railties (>= 3.1.0, < 5.0)
    faraday (0.9.0)
      multipart-post (>= 1.2, < 3)
    ffi (1.9.3)
    friendly_id (5.0.4)
      activerecord (>= 4.0.0)
    haml (4.0.5)
      tilt
    haml-rails (0.5.3)
      actionpack (>= 4.0.1)
      activesupport (>= 4.0.1)
      haml (>= 3.1, < 5.0)
      railties (>= 4.0.1)
    haml2slim (0.4.7)
      haml (>= 3.0)
      nokogiri
      ruby_parser
    highline (1.6.21)
    hike (1.2.3)
    htmlentities (4.3.2)
    i18n (0.6.9)
    jquery-datatables-rails (1.12.2)
      jquery-rails
    jquery-fileupload-rails (0.4.1)
      actionpack (>= 3.1)
      railties (>= 3.1)
    jquery-rails (3.1.2)
      railties (>= 3.0, < 5.0)
      thor (>= 0.14, < 2.0)
    jquery-ui-rails (4.2.1)
      railties (>= 3.2.16)
    json (1.8.1)
    jwt (1.0.0)
    mail (2.5.4)
      mime-types (~> 1.16)
      treetop (~> 1.4.8)
    meta_request (0.3.0)
      callsite
      rack-contrib
      railties
    method_source (0.8.2)
    mime-types (1.25.1)
    mini_magick (3.8.1)
      subexec (~> 0.2.1)
    mini_portile (0.6.0)
    minitest (5.3.5)
    multi_json (1.10.1)
    multi_xml (0.5.5)
    multipart-post (2.0.0)
    mysql2 (0.3.16)
    nokogiri (1.6.2.1)
      mini_portile (= 0.6.0)
    oauth (0.4.7)
    oauth2 (1.0.0)
      faraday (>= 0.8, < 0.10)
      jwt (~> 1.0)
      multi_json (~> 1.3)
      multi_xml (~> 0.5)
      rack (~> 1.2)
    options (2.3.2)
    orm_adapter (0.5.0)
    polyglot (0.3.5)
    pr_geohash (1.0.0)
    progress_bar (1.0.2)
      highline (~> 1.6.1)
      options (~> 2.3.0)
    pry (0.9.12.6)
      coderay (~> 1.0)
      method_source (~> 0.8)
      slop (~> 3.4)
    pry-nav (0.2.3)
      pry (~> 0.9.10)
    pry-remote (0.1.8)
      pry (~> 0.9)
      slop (~> 3.0)
    quiet_assets (1.0.3)
      railties (>= 3.1, < 5.0)
    rack (1.5.2)
    rack-contrib (1.1.0)
      rack (>= 0.9.1)
    rack-mini-profiler (0.9.1)
      rack (>= 1.1.3)
    rack-test (0.6.2)
      rack (>= 1.0)
    rails (4.1.1)
      actionmailer (= 4.1.1)
      actionpack (= 4.1.1)
      actionview (= 4.1.1)
      activemodel (= 4.1.1)
      activerecord (= 4.1.1)
      activesupport (= 4.1.1)
      bundler (>= 1.3.0, < 2.0)
      railties (= 4.1.1)
      sprockets-rails (~> 2.0)
    railties (4.1.1)
      actionpack (= 4.1.1)
      activesupport (= 4.1.1)
      rake (>= 0.8.7)
      thor (>= 0.18.1, < 2.0)
    rake (10.3.2)
    rdoc (4.1.1)
      json (~> 1.4)
    responders (1.1.1)
      railties (>= 3.2, < 4.2)
    rmagick (2.13.3)
    role_model (0.8.1)
    rsolr (1.0.10)
      builder (>= 2.1.2)
    rspec (2.14.1)
      rspec-core (~> 2.14.0)
      rspec-expectations (~> 2.14.0)
      rspec-mocks (~> 2.14.0)
    rspec-core (2.14.8)
    rspec-expectations (2.14.5)
      diff-lcs (>= 1.1.3, < 2.0)
    rspec-mocks (2.14.6)
    rspec-rails (2.14.2)
      actionpack (>= 3.0)
      activemodel (>= 3.0)
      activesupport (>= 3.0)
      railties (>= 3.0)
      rspec-core (~> 2.14.0)
      rspec-expectations (~> 2.14.0)
      rspec-mocks (~> 2.14.0)
    ruby_parser (3.6.1)
      sexp_processor (~> 4.1)
    rubyzip (1.1.4)
    sass (3.2.19)
    sass-rails (4.0.4)
      railties (>= 4.0.0, < 5.0)
      sass (~> 3.2.2)
      sprockets (~> 2.8, < 2.12)
      sprockets-rails (~> 2.0)
    sdoc (0.4.0)
      json (~> 1.8)
      rdoc (~> 4.0, < 5.0)
    selenium-webdriver (2.42.0)
      childprocess (>= 0.5.0)
      multi_json (~> 1.0)
      rubyzip (~> 1.0)
      websocket (~> 1.0.4)
    sexp_processor (4.4.3)
    simple_form (3.0.2)
      actionpack (~> 4.0)
      activemodel (~> 4.0)
    simple_oauth (0.3.0)
    simplecov (0.8.2)
      docile (~> 1.1.0)
      multi_json
      simplecov-html (~> 0.8.0)
    simplecov-html (0.8.0)
    slim (2.1.0)
      temple (~> 0.6.9)
      tilt (>= 1.3.3, < 2.1)
    slim-rails (2.1.5)
      actionpack (>= 3.0, < 4.2)
      activesupport (>= 3.0, < 4.2)
      railties (>= 3.0, < 4.2)
      slim (~> 2.0)
    slop (3.5.0)
    sprockets (2.11.0)
      hike (~> 1.2)
      multi_json (~> 1.0)
      rack (~> 1.0)
      tilt (~> 1.1, != 1.3.0)
    sprockets-rails (2.1.3)
      actionpack (>= 3.0)
      activesupport (>= 3.0)
      sprockets (~> 2.8)
    subexec (0.2.3)
    sunspot (2.1.1)
      pr_geohash (~> 1.0)
      rsolr (~> 1.0.7)
    sunspot_rails (2.1.1)
      nokogiri
      rails (>= 3)
      sunspot (= 2.1.1)
    temple (0.6.9)
    thor (0.19.1)
    thread_safe (0.3.4)
    tilt (1.4.1)
    treetop (1.4.15)
      polyglot
      polyglot (>= 0.3.1)
    tzinfo (1.2.1)
      thread_safe (~> 0.1)
    uglifier (1.3.0)
      execjs (>= 0.3.0)
      multi_json (~> 1.0, >= 1.0.2)
    validates (0.0.8)
      activemodel (>= 3.0.0)
      activesupport (>= 3.0.0)
    video_info (2.3.1)
      addressable
      htmlentities
      multi_json
    warden (1.2.3)
      rack (>= 1.0)
    websocket (1.0.7)
    will_paginate (3.0.7)
    xpath (2.0.0)
      nokogiri (~> 1.3)
    youtube_it (2.4.2)
      builder
      excon
      faraday (>= 0.8, < 0.10)
      json (~> 1.8)
      nokogiri (~> 1.6.0)
      oauth (~> 0.4.4)
      oauth2 (~> 1.0.0)
      simple_oauth (>= 0.1.5)

PLATFORMS
  ruby

DEPENDENCIES
  activerecord-import
  annotate!
  better_errors
  binding_of_caller
  capybara (~> 2.2, >= 2.2.1)
  deface
  factory_girl_rails
  faker
  haml2slim
  meta_request
  mokio!
  mysql2
  progress_bar
  pry
  pry-nav
  pry-remote
  quiet_assets
  rack-mini-profiler
  rspec (~> 2.14, >= 2.14.1)
  rspec-rails
  sdoc
  selenium-webdriver
  simplecov
